GEM
  remote: https://rubygems.org/
  specs:
    coderay (1.1.3)
    colorize (0.8.1)
    json (2.6.2)
    method_source (1.0.0)
    nio4r (2.5.8)
    pry (0.14.1)
      coderay (~> 1.1)
      method_source (~> 1.0)
    puma (5.6.4)
      nio4r (~> 2.0)
    rack (2.2.4)
    uri (0.11.0)

PLATFORMS
  x86_64-linux

DEPENDENCIES
  colorize (>= 0.8)
  json (>= 2.6)
  pry (>= 0.14)
  puma (>= 5.6)
  rack (>= 2.2)
  uri (>= 0.11)

RUBY VERSION
   ruby 3.1.2p20

BUNDLED WITH
   2.3.14
